PATH
  remote: .
  specs:
    rails-quagga (2015.05.09)

GEM
  remote: https://rubygems.org/
  specs:
    rake (10.5.0)

PLATFORMS
  ruby

DEPENDENCIES
  bundler (~> 1.8)
  rails-quagga!
  rake (~> 10.0)

BUNDLED WITH
   1.15.1
